GEM
  remote: https://rubygems.org/
  specs:
    chroma (0.2.0)
    coderay (1.1.2)
    colormath (0.1.2)
    method_source (1.0.0)
    pkg-config (1.5.5)
    pry (0.13.1)
      coderay (~> 1.1)
      method_source (~> 1.0)
    rmagick (5.3.0)
      pkg-config (~> 1.4)

PLATFORMS
  ruby

DEPENDENCIES
  chroma
  colormath (~> 0.1.2)
  pry
  rmagick (~> 5.3)

BUNDLED WITH
   2.1.2
