GEM
  remote: https://rubygems.org/
  specs:
    chroma (0.2.0)
    coderay (1.1.2)
    colormath (0.1.2)
    iconv (1.0.8)
    method_source (1.0.0)
    pdftoimage (0.1.7)
      iconv (~> 1.0)
    pry (0.13.1)
      coderay (~> 1.1)
      method_source (~> 1.0)
    rmagick (4.1.1)

PLATFORMS
  ruby

DEPENDENCIES
  chroma
  colormath (~> 0.1.2)
  pdftoimage (~> 0.1.7)
  pry
  rmagick (~> 4.1, >= 4.1.1)

BUNDLED WITH
   2.1.2
